GEM
  remote: https://rubygems.org/
  remote: http://rubygems.roamdata.com/
  specs:
    bson (4.0.4)
    eventmachine (1.0.9.1)
    faraday (0.9.2)
      multipart-post (>= 1.2, < 3)
    faraday_middleware (0.10.0)
      faraday (>= 0.7.4, < 0.10)
    faye-websocket (0.10.3)
      eventmachine (>= 0.12.0)
      websocket-driver (>= 0.5.1)
    mongo (2.2.4)
      bson (~> 4.0)
    multipart-post (2.0.0)
    slack-ruby-client (0.1.0)
      eventmachine
      faraday
      faraday_middleware
      faye-websocket
    websocket-driver (0.6.3)
      websocket-extensions (>= 0.1.0)
    websocket-extensions (0.1.2)

PLATFORMS
  ruby

DEPENDENCIES
  mongo (~> 2.1)
  slack-ruby-client (~> 0.1.0)

BUNDLED WITH
   1.11.2
